PATH
  remote: .
  specs:

GEM
  remote: https://rubygems.org/
  specs:

PLATFORMS
  ruby

DEPENDENCIES
  vpim-rails!

BUNDLED WITH
   1.11.2
